GEM
  remote: http://rubygems.org/
  specs:
    addressable (2.8.1)
      public_suffix (>= 2.0.2, < 6.0)
    dnsruby (1.52)
    git (1.13.0)
      addressable (~> 2.8)
      rchardet (~> 1.8)
    jeweler (1.6.2)
      bundler (~> 1.0)
      git (>= 1.2.5)
      rake
    public_suffix (5.0.1)
    rake (0.9.1)
    rchardet (1.8.0)
    rdoc (3.6.1)

PLATFORMS
  ruby

DEPENDENCIES
  bundler (~> 1.0.0)
  dnsruby (>= 1.30)
  jeweler (~> 1.6.2)
  rdoc
