GEM
  remote: http://rubygems.org/
  specs:
    dnsruby (1.52)
    git (1.2.5)
    jeweler (1.6.2)
      bundler (~> 1.0)
      git (>= 1.2.5)
      rake
    rake (13.0.1)
    rdoc (3.6.1)

PLATFORMS
  ruby

DEPENDENCIES
  bundler (~> 1.0.0)
  dnsruby (>= 1.30)
  jeweler (~> 1.6.2)
  rdoc
